GEM
  remote: https://rubygems.org/
  specs:
    addressable (2.3.5)
    diff-lcs (1.2.4)
    faraday (0.8.8)
      multipart-post (~> 1.2.0)
    multipart-post (1.2.0)
    octokit (2.4.0)
      sawyer (~> 0.5.1)
    rake (10.1.0)
    rspec (2.13.0)
      rspec-core (~> 2.13.0)
      rspec-expectations (~> 2.13.0)
      rspec-mocks (~> 2.13.0)
    rspec-core (2.13.1)
    rspec-expectations (2.13.0)
      diff-lcs (>= 1.1.3, < 2.0)
    rspec-mocks (2.13.1)
    sawyer (0.5.1)
      addressable (~> 2.3.5)
      faraday (~> 0.8, < 0.10)

PLATFORMS
  java
  ruby

DEPENDENCIES
  octokit (~> 2.0)
  rake
  rspec (~> 2.13.0)
